GEM
  remote: https://rubygems.org/
  specs:
    json (2.1.0)
    mustermann (1.0.2)
    r18n-core (3.0.3)
    rack (2.0.5)
    rack-contrib (2.0.1)
      rack (~> 2.0)
    rack-protection (2.0.3)
      rack
    sinatra (2.0.3)
      mustermann (~> 1.0)
      rack (~> 2.0)
      rack-protection (= 2.0.3)
      tilt (~> 2.0)
    sinatra-r18n (3.0.3)
      r18n-core (= 3.0.3)
      sinatra (>= 1.3)
    tilt (2.0.8)

PLATFORMS
  ruby

DEPENDENCIES
  json
  rack
  rack-contrib
  sinatra (~> 2.0.0)
  sinatra-r18n

BUNDLED WITH
   1.16.2
